GEM
  remote: https://rubygems.org/
  specs:
    aws-s3 (0.6.3)
      builder
      mime-types
      xml-simple
    backports (3.3.5)
    base64_compatible (0.0.1)
    builder (3.2.2)
    daemons (1.1.9)
    eventmachine (1.0.3)
    kgio (2.8.1)
    mime-types (2.0)
    multi_json (1.8.2)
    rack (1.5.2)
    rack-protection (1.5.1)
      rack
    rack-test (0.6.2)
      rack (>= 1.0)
    raindrops (0.12.0)
    redis (3.0.6)
    sinatra (1.4.4)
      rack (~> 1.4)
      rack-protection (~> 1.4)
      tilt (~> 1.3, >= 1.3.4)
    sinatra-contrib (1.4.1)
      backports (>= 2.0)
      multi_json
      rack-protection
      rack-test
      sinatra (~> 1.4.0)
      tilt (~> 1.3)
    thin (1.6.1)
      daemons (>= 1.0.9)
      eventmachine (>= 1.0.0)
      rack (>= 1.0.0)
    tilt (1.4.1)
    unicorn (4.7.0)
      kgio (~> 2.6)
      rack
      raindrops (~> 0.7)
    xml-simple (1.1.2)

PLATFORMS
  ruby

DEPENDENCIES
  aws-s3 (~> 0.6.3)
  base64_compatible (~> 0.0.1)
  redis (~> 3.0.6)
  sinatra (~> 1.4.4)
  sinatra-contrib (~> 1.4.1)
  thin (~> 1.6.1)
  unicorn (~> 4.7.0)
